GEM
  remote: https://rubygems.org/
  specs:
    srt (0.1.4)

PLATFORMS
  ruby

DEPENDENCIES
  srt (~> 0.1.3)

BUNDLED WITH
   2.0.2
