GEM
  remote: https://rubygems.org/
  specs:
    multi_json (1.13.1)
    srt (0.1.4)
    streamio-ffmpeg (3.0.2)
      multi_json (~> 1.8)

PLATFORMS
  ruby

DEPENDENCIES
  srt (~> 0.1.3)
  streamio-ffmpeg

BUNDLED WITH
   2.0.2
